GEM
  remote: http://rubygems.org/
  specs:
    chunky_png (1.3.0)
    compass (0.12.2)
      chunky_png (~> 1.2)
      fssm (>= 0.2.7)
      sass (~> 3.1)
    diff-lcs (1.2.5)
    fssm (0.2.10)
    haml (4.0.5)
      tilt
    hologram (1.0.1)
      pygments.rb (~> 0.4.2)
      redcarpet (~> 2.2.2)
      rspec (~> 2.14.1)
    posix-spawn (0.3.8)
    pygments.rb (0.4.2)
      posix-spawn (~> 0.3.6)
      yajl-ruby (~> 1.1.0)
    redcarpet (2.2.2)
    rspec (2.14.1)
      rspec-core (~> 2.14.0)
      rspec-expectations (~> 2.14.0)
      rspec-mocks (~> 2.14.0)
    rspec-core (2.14.8)
    rspec-expectations (2.14.5)
      diff-lcs (>= 1.1.3, < 2.0)
    rspec-mocks (2.14.6)
    sass (3.2.18)
    tilt (2.0.1)
    yajl-ruby (1.1.0)

PLATFORMS
  ruby

DEPENDENCIES
  compass
  haml
  hologram
  sass (= 3.2.18)
